{
	"Modality": "MR",
	"MagneticFieldStrength": 3,
	"ImagingFrequency": 123.257,
	"Manufacturer": "Siemens",
	"ManufacturersModelName": "Prisma_fit",
	"InstitutionName": "Brains_Unlimited",
	"InstitutionalDepartmentName": "Department",
	"InstitutionAddress": "Oxfordlaan_55_Maastricht_Limburg_NL_6229_EV",
	"DeviceSerialNumber": "67003",
	"StationName": "MRCPRISMA",
	"BodyPartExamined": "BRAIN",
	"PatientPosition": "HFS",
	"ProcedureStepDescription": "Stephanie_Rossit_object_reg",
	"SoftwareVersions": "syngo_MR_D13D",
	"MRAcquisitionType": "2D",
	"SeriesDescription": "ep2d_3iso_matrix72_ipat2_localizer",
	"ProtocolName": "ep2d_3iso_matrix72_ipat2_localizer",
	"ScanningSequence": "EP",
	"SequenceVariant": "SK",
	"ScanOptions": "FS",
	"SequenceName": "_epfid2d1_72",
	"ImageType": ["ORIGINAL", "PRIMARY", "M", "ND", "MOSAIC"],
	"SeriesNumber": 14,
	"AcquisitionTime": "14:49:24.240000",
	"AcquisitionNumber": 1,
	"SliceThickness": 3,
	"SpacingBetweenSlices": 3,
	"SAR": 0.0815475,
	"EchoTime": 0.03,
	"RepetitionTime": 2,
	"FlipAngle": 77,
	"PartialFourier": 1,
	"BaseResolution": 72,
	"ShimSetting": [
		2242,
		-11690,
		-2198,
		347,
		-76,
		168,
		-73,
		23	],
	"TxRefAmp": 230.083,
	"PhaseResolution": 1,
	"ReceiveCoilName": "HeadNeck_64",
	"ReceiveCoilActiveElements": "HC1-7",
	"PulseSequenceDetails": "%SiemensSeq%_ep2d_bold",
	"RefLinesPE": 36,
	"ConsistencyInfo": "N4_VD13D_LATEST_20130810",
	"PercentPhaseFOV": 100,
	"PercentSampling": 100,
	"EchoTrainLength": 36,
	"PhaseEncodingSteps": 72,
	"AcquisitionMatrixPE": 72,
	"ReconMatrixPE": 72,
	"BandwidthPerPixelPhaseEncode": 56.689,
	"ParallelReductionFactorInPlane": 2,
	"EffectiveEchoSpacing": 0.000245001,
	"DerivedVendorReportedEchoSpacing": 0.000490003,
	"TotalReadoutTime": 0.0173951,
	"PixelBandwidth": 2480,
	"DwellTime": 2.8e-06,
	"PhaseEncodingDirection": "j-",
	"SliceTiming": [
		0,
		1.0175,
		0.055,
		1.0725,
		0.1125,
		1.13,
		0.1675,
		1.1875,
		0.225,
		1.2425,
		0.2825,
		1.3,
		0.3375,
		1.3575,
		0.395,
		1.4125,
		0.4525,
		1.47,
		0.5075,
		1.525,
		0.565,
		1.5825,
		0.62,
		1.64,
		0.6775,
		1.695,
		0.735,
		1.7525,
		0.79,
		1.81,
		0.8475,
		1.865,
		0.905,
		1.9225,
		0.96	],
	"ImageOrientationPatientDICOM": [
		1,
		0,
		0,
		0,
		0.993768,
		-0.111469	],
	"InPlanePhaseEncodingDirectionDICOM": "COL",
	"ConversionSoftware": "dcm2niix",
	"ConversionSoftwareVersion": "v1.0.20200331",
    "TaskName": "localiser"
}
