{
	"Modality": "MR",
	"MagneticFieldStrength": 3,
	"ImagingFrequency": 123.257,
	"Manufacturer": "Siemens",
	"ManufacturersModelName": "Prisma_fit",
	"InstitutionName": "Brains_Unlimited",
	"InstitutionalDepartmentName": "Department",
	"InstitutionAddress": "Oxfordlaan_55_Maastricht_Limburg_NL_6229_EV",
	"DeviceSerialNumber": "67003",
	"StationName": "MRCPRISMA",
	"BodyPartExamined": "BRAIN",
	"PatientPosition": "HFS",
	"ProcedureStepDescription": "Stephanie_Rossit_object_reg",
	"SoftwareVersions": "syngo_MR_D13D",
	"MRAcquisitionType": "2D",
	"SeriesDescription": "ep2d_3iso_matrix72_ipat2_localizer2",
	"ProtocolName": "ep2d_3iso_matrix72_ipat2_localizer2",
	"ScanningSequence": "EP",
	"SequenceVariant": "SK",
	"ScanOptions": "FS",
	"SequenceName": "_epfid2d1_72",
	"ImageType": ["ORIGINAL", "PRIMARY", "M", "ND", "MOSAIC"],
	"SeriesNumber": 15,
	"AcquisitionTime": "14:58:55.522500",
	"AcquisitionNumber": 1,
	"SliceThickness": 3,
	"SpacingBetweenSlices": 3,
	"SAR": 0.0815475,
	"EchoTime": 0.03,
	"RepetitionTime": 2,
	"FlipAngle": 77,
	"PartialFourier": 1,
	"BaseResolution": 72,
	"ShimSetting": [
		2242,
		-11690,
		-2198,
		347,
		-76,
		168,
		-73,
		23	],
	"TxRefAmp": 230.083,
	"PhaseResolution": 1,
	"ReceiveCoilName": "HeadNeck_64",
	"ReceiveCoilActiveElements": "HC1-7",
	"PulseSequenceDetails": "%SiemensSeq%_ep2d_bold",
	"RefLinesPE": 36,
	"ConsistencyInfo": "N4_VD13D_LATEST_20130810",
	"PercentPhaseFOV": 100,
	"PercentSampling": 100,
	"EchoTrainLength": 36,
	"PhaseEncodingSteps": 72,
	"AcquisitionMatrixPE": 72,
	"ReconMatrixPE": 72,
	"BandwidthPerPixelPhaseEncode": 56.689,
	"ParallelReductionFactorInPlane": 2,
	"EffectiveEchoSpacing": 0.000245001,
	"DerivedVendorReportedEchoSpacing": 0.000490003,
	"TotalReadoutTime": 0.0173951,
	"PixelBandwidth": 2480,
	"DwellTime": 2.8e-06,
	"PhaseEncodingDirection": "j-",
	"SliceTiming": [
		0,
		1.02,
		0.0575,
		1.075,
		0.115,
		1.1325,
		0.17,
		1.1875,
		0.2275,
		1.245,
		0.2825,
		1.3025,
		0.34,
		1.3575,
		0.3975,
		1.415,
		0.4525,
		1.4725,
		0.51,
		1.5275,
		0.5675,
		1.585,
		0.6225,
		1.6425,
		0.68,
		1.6975,
		0.735,
		1.755,
		0.7925,
		1.81,
		0.85,
		1.8675,
		0.905,
		1.925,
		0.9625	],
	"ImageOrientationPatientDICOM": [
		1,
		0,
		0,
		0,
		0.993768,
		-0.111469	],
	"InPlanePhaseEncodingDirectionDICOM": "COL",
	"ConversionSoftware": "dcm2niix",
	"ConversionSoftwareVersion": "v1.0.20200331",
    "TaskName": "localiser"
}
