{
	"Modality": "MR",
	"MagneticFieldStrength": 3,
	"ImagingFrequency": 127.734,
	"Manufacturer": "GE",
	"ManufacturersModelName": "DISCOVERY_MR750w",
	"InstitutionName": "N_and_N_University_Hospital",
	"DeviceSerialNumber": "00000070431MRS04",
	"StationName": "nnmr04",
	"BodyPartExamined": "BRAIN",
	"PatientPosition": "HFS",
	"ProcedureStepDescription": "MRI_Head",
	"SoftwareVersions": "27_LX_MR_Software_release:DV26.0_EB_1706.a",
	"MRAcquisitionType": "3D",
	"SeriesDescription": "SAG_FSPGR_BRAVO",
	"ProtocolName": "SAG_FSPGR_BRAVO",
	"ScanningSequence": "GR",
	"SequenceVariant": "SS_SK_OSP",
	"ScanOptions": "FAST_GEMS_NPW_EDR_GEMS_ACC_GEMS_IR_GEMS",
	"ImageType": ["ORIGINAL", "PRIMARY", "OTHER"],
	"SeriesNumber": 2,
	"AcquisitionTime": "12:07:36.000000",
	"AcquisitionNumber": 1,
	"SliceThickness": 0.9,
	"SpacingBetweenSlices": 0.9,
	"SAR": 0.0505934,
	"EchoTime": 0.002612,
	"RepetitionTime": 0.007008,
	"InversionTime": 0.9,
	"FlipAngle": 9,
	"CoilString": "RM:HNU_FlexS",
	"PercentPhaseFOV": 100,
	"PercentSampling": 62.5,
	"AcquisitionMatrixPE": 256,
	"ReconMatrixPE": 256,
	"PixelBandwidth": 390.625,
	"ImageOrientationPatientDICOM": [
		-0.00318504,
		0.999995,
		0,
		-0,
		-0,
		-1	],
	"InPlanePhaseEncodingDirectionDICOM": "ROW",
	"ConversionSoftware": "dcm2niix",
	"ConversionSoftwareVersion": "v1.0.20200331"
}
