{
    "Modality": "MR",
    "MagneticFieldStrength": 3,
    "ImagingFrequency": 127.734,
    "Manufacturer": "GE",
    "ManufacturersModelName": "DISCOVERY_MR750w",
    "InstitutionName": "N_and_N_University_Hospital",
    "DeviceSerialNumber": "00000070431MRS04",
    "StationName": "nnmr04",
    "BodyPartExamined": "BRAIN",
    "PatientPosition": "HFS",
    "ProcedureStepDescription": "MRI_Head",
    "SoftwareVersions": "27_LX_MR_Software_release:DV26.0_EB_1706.a",
    "MRAcquisitionType": "2D",
    "SeriesDescription": "fMRI_3_PartA",
    "ProtocolName": "fMRI_3_PartA",
    "ScanningSequence": "EP_GR",
    "SequenceVariant": "SS",
    "ScanOptions": "SAT_GEMS_EPI_GEMS_ACC_GEMS_FS",
    "ImageType": [
        "ORIGINAL",
        "PRIMARY",
        "EPI",
        "NONE"
    ],
    "SeriesNumber": 6,
    "AcquisitionTime": "14:14:27.000000",
    "AcquisitionNumber": 1,
    "SliceThickness": 3.3,
    "SpacingBetweenSlices": 3.3,
    "SAR": 0.0686835,
    "EchoTime": 0.03,
    "RepetitionTime": 2,
    "FlipAngle": 78,
    "PhaseEncodingPolarityGE": "Flipped",
    "CoilString": "RM:HNU_FlexS",
    "PercentPhaseFOV": 100,
    "PercentSampling": 100,
    "AcquisitionMatrixPE": 64,
    "ReconMatrixPE": 64,
    "EffectiveEchoSpacing": 0.000644,
    "TotalReadoutTime": 0.040572,
    "PixelBandwidth": 7812.5,
    "PhaseEncodingDirection": "j",
    "SliceTiming": [
        0,
        1.0285,
        0.0571001,
        1.0857,
        0.1142,
        1.1428,
        0.1714,
        1.2,
        0.2285,
        1.2571,
        0.2857,
        1.3143,
        0.3428,
        1.3714,
        0.4,
        1.4286,
        0.4571,
        1.4857,
        0.5142,
        1.5428,
        0.5714,
        1.6,
        0.6285,
        1.6571,
        0.6857,
        1.7143,
        0.7428,
        1.7714,
        0.8,
        1.8285,
        0.8571,
        1.8857,
        0.9143,
        1.9428,
        0.9714
    ],
    "ImageOrientationPatientDICOM": [
        1,
        0,
        0,
        0,
        1,
        0
    ],
    "InPlanePhaseEncodingDirectionDICOM": "COL",
    "ConversionSoftware": "dcm2niix",
    "ConversionSoftwareVersion": "v1.0.20200331",
    "TaskName": "grasp"
}